GIT
  remote: https://github.com/NYULibraries/lib_guides-api.git
  revision: c4d11c55ff5c5eb21aa4209c650d47dcc0f2d7af
  tag: v1.0.1
  specs:
    lib_guides-api (1.0.1)
      faraday (>= 0.11)
      json

GEM
  remote: https://rubygems.org/
  specs:
    coderay (1.1.3)
    coveralls (0.8.23)
      json (>= 1.8, < 3)
      simplecov (~> 0.16.1)
      term-ansicolor (~> 1.3)
      thor (>= 0.19.4, < 2.0)
      tins (~> 1.6)
    diff-lcs (1.3)
    docile (1.3.2)
    faraday (1.0.1)
      multipart-post (>= 1.2, < 3)
    json (2.3.0)
    method_source (1.1.0)
    multipart-post (2.1.1)
    pry (0.15.0)
      coderay (~> 1.1)
      method_source (~> 1.0)
    rake (13.0.1)
    rspec (3.9.0)
      rspec-core (~> 3.9.0)
      rspec-expectations (~> 3.9.0)
      rspec-mocks (~> 3.9.0)
    rspec-core (3.9.1)
      rspec-support (~> 3.9.1)
    rspec-expectations (3.9.0)
      diff-lcs (>= 1.2.0, < 2.0)
      rspec-support (~> 3.9.0)
    rspec-its (1.3.0)
      rspec-core (>= 3.0.0)
      rspec-expectations (>= 3.0.0)
    rspec-mocks (3.9.1)
      diff-lcs (>= 1.2.0, < 2.0)
      rspec-support (~> 3.9.0)
    rspec-support (3.9.2)
    simplecov (0.16.1)
      docile (~> 1.1)
      json (>= 1.8, < 3)
      simplecov-html (~> 0.10.0)
    simplecov-html (0.10.2)
    sync (0.5.0)
    term-ansicolor (1.7.1)
      tins (~> 1.0)
    thor (1.0.1)
    tins (1.24.1)
      sync

PLATFORMS
  ruby

DEPENDENCIES
  coveralls
  lib_guides-api!
  pry
  rake (~> 13)
  rspec (~> 3.6)
  rspec-its (~> 1)

BUNDLED WITH
   2.5.23
